GEM
  remote: https://rubygems.org/
  specs:
    coderay (1.1.0)
    coffee-script (2.3.0)
      coffee-script-source
      execjs
    coffee-script-source (1.8.0)
    crxmake (2.2.0)
      rubyzip (~> 1.1.0)
    execjs (2.2.2)
    method_source (0.8.2)
    pry (0.10.1)
      coderay (~> 1.1.0)
      method_source (~> 0.8.1)
      slop (~> 3.4)
    rake (10.4.2)
    rubyzip (1.1.6)
    slop (3.6.0)

PLATFORMS
  ruby

DEPENDENCIES
  coffee-script
  crxmake
  pry
  rake
